PATH
  remote: .
  specs:
    LaTeXercise (0.0.1)
      thor (~> 0.15.4)

GEM
  remote: http://rubygems.org/
  specs:
    thor (0.15.4)

PLATFORMS
  ruby

DEPENDENCIES
  LaTeXercise!
